PATH
  remote: .
  specs:
    rumpydb (0.0.1)

GEM
  remote: https://rubygems.org/
  specs:
    minitest (4.3.2)

PLATFORMS
  ruby

DEPENDENCIES
  minitest
  rumpydb!
